GIT
  remote: git://github.com/thomas-mcdonald/bootstrap-sass.git
  revision: 89f032ce5227b367d9fbe6acd40817b84ef78296
  specs:
    bootstrap-sass (2.3.1.0)
      sass (~> 3.2)

GEM
  remote: https://rubygems.org/
  specs:
    activesupport (3.2.13)
      i18n (= 0.6.1)
      multi_json (~> 1.0)
    awesome_print (1.0.2)
    chunky_png (1.2.8)
    coderay (1.0.9)
    coffee-script (2.2.0)
      coffee-script-source
      execjs
    coffee-script-source (1.6.2)
    compass (0.12.2)
      chunky_png (~> 1.2)
      fssm (>= 0.2.7)
      sass (~> 3.1)
    execjs (1.4.0)
      multi_json (~> 1.0)
    fssm (0.2.10)
    haml (4.0.1)
      tilt
    hike (1.2.3)
    i18n (0.6.1)
    method_source (0.8.1)
    multi_json (1.13.1)
    pry (0.9.12)
      coderay (~> 1.0.5)
      method_source (~> 0.8)
      slop (~> 3.4)
    rack (1.6.10)
    rack-protection (1.5.0)
      rack
    rubyzip (0.9.9)
    sass (3.2.7)
    sinatra (1.4.2)
      rack (~> 1.5, >= 1.5.2)
      rack-protection (~> 1.4)
      tilt (~> 1.3, >= 1.3.4)
    slop (3.4.4)
    sprockets (2.12.5)
      hike (~> 1.2)
      multi_json (~> 1.0)
      rack (~> 1.0)
      tilt (~> 1.1, != 1.3.0)
    sprockets-sass (1.3.1)
      sprockets (~> 2.0)
      tilt (~> 1.1)
    tilt (1.4.1)

PLATFORMS
  ruby

DEPENDENCIES
  activesupport
  awesome_print
  bootstrap-sass!
  coffee-script
  compass
  haml
  pry
  rubyzip
  sass
  sinatra
  sprockets (>= 2.12.5)
  sprockets-sass (>= 0.9.1)

BUNDLED WITH
   1.16.1
